GEM
  remote: http://rubygems.org/
  specs:
    colorize (0.5.8)
    rspec-core (2.10.1)

PLATFORMS
  ruby

DEPENDENCIES
  bundler
  colorize (>= 0.5)
  rspec-core
